GEM
  remote: http://rubygems.org/
  specs:
    rake (10.0.2)
    sass (3.2.3)

PLATFORMS
  ruby

DEPENDENCIES
  rake
  sass
